GEM
  remote: https://rubygems.org/
  specs:
    bourbon (3.2.3)
      sass (~> 3.2)
      thor
    ruby (0.1.0)
    sass (3.2.13)
    thor (0.19.1)

PLATFORMS
  ruby

DEPENDENCIES
  bourbon
  ruby
  sass
